GEM
  remote: https://rubygems.org/
  specs:
    mustermann (1.0.1)
    pg (1.0.0)
    rack (2.0.4)
    rack-protection (2.0.0)
      rack
    sequel (5.5.0)
    sequel_pg (1.8.1)
      pg (>= 0.18.0)
      sequel (>= 4.34.0)
    sinatra (2.0.0)
      mustermann (~> 1.0)
      rack (~> 2.0)
      rack-protection (= 2.0.0)
      tilt (~> 2.0)
    tilt (2.0.8)

PLATFORMS
  ruby

DEPENDENCIES
  pg
  sequel
  sequel_pg
  sinatra

BUNDLED WITH
   1.16.1
